GEM
  remote: https://rubygems.org/
  specs:
    addressable (2.6.0)
      public_suffix (>= 2.0.2, < 4.0)
    colorator (1.1.0)
    colorize (0.7.7)
    concurrent-ruby (1.1.4)
    em-websocket (0.5.1)
      eventmachine (>= 0.12.9)
      http_parser.rb (~> 0.6.0)
    eventmachine (1.2.7)
    ffi (1.10.0)
    forwardable-extended (2.6.0)
    http_parser.rb (0.6.0)
    hurley (0.2)
    hurley-http-cache (0.1.0)
      hurley (~> 0.1, >= 0.1)
    i18n (0.9.5)
      concurrent-ruby (~> 1.0)
    jekyll (3.8.5)
      addressable (~> 2.4)
      colorator (~> 1.0)
      em-websocket (~> 0.5)
      i18n (~> 0.7)
      jekyll-sass-converter (~> 1.0)
      jekyll-watch (~> 2.0)
      kramdown (~> 1.14)
      liquid (~> 4.0)
      mercenary (~> 0.3.3)
      pathutil (~> 0.9)
      rouge (>= 1.7, < 4)
      safe_yaml (~> 1.0)
    jekyll-paginate-v2 (2.1.0)
      jekyll (~> 3.0)
    jekyll-postfiles (3.0.0)
      jekyll (~> 3.6)
    jekyll-sass-converter (1.5.2)
      sass (~> 3.4)
    jekyll-sitemap (1.2.0)
      jekyll (~> 3.3)
    jekyll-watch (2.1.2)
      listen (~> 3.0)
    kramdown (1.17.0)
    liquid (4.0.1)
    listen (3.1.5)
      rb-fsevent (~> 0.9, >= 0.9.4)
      rb-inotify (~> 0.9, >= 0.9.7)
      ruby_dep (~> 1.2)
    medium-sdk-ruby (1.0.2)
      hurley (~> 0.0)
      hurley-http-cache (~> 0.1)
    mediumize (0.4.3)
      colorize (~> 0.7.7)
      medium-sdk-ruby (~> 1.0.1)
      nokogiri (~> 1.6.7)
      redcarpet
      rouge
      slop (~> 4.2.1)
    mercenary (0.3.6)
    mini_portile2 (2.1.0)
    nokogiri (1.6.8.1)
      mini_portile2 (~> 2.1.0)
    pathutil (0.16.2)
      forwardable-extended (~> 2.6)
    public_suffix (3.0.3)
    rb-fsevent (0.10.3)
    rb-inotify (0.10.0)
      ffi (~> 1.0)
    redcarpet (3.4.0)
    rouge (3.3.0)
    ruby_dep (1.5.0)
    safe_yaml (1.0.4)
    sass (3.7.3)
      sass-listen (~> 4.0.0)
    sass-listen (4.0.0)
      rb-fsevent (~> 0.9, >= 0.9.4)
      rb-inotify (~> 0.9, >= 0.9.7)
    slop (4.2.1)

PLATFORMS
  ruby

DEPENDENCIES
  jekyll-paginate-v2
  jekyll-postfiles
  jekyll-sass-converter
  jekyll-sitemap
  mediumize

BUNDLED WITH
   2.0.1
